GIT
  remote: git://github.com/sferik/twitter.git
  revision: 0bdb1640a93a629c1d1b9814c861084f66c0f90d
  specs:
    twitter (5.0.0.rc.1)
      buftok (~> 0.1.0)
      descendants_tracker (~> 0.0.1)
      equalizer (~> 0.0.7)
      faraday (>= 0.8, < 0.10)
      http (~> 0.5.0)
      http_parser.rb (~> 0.5.0)
      json (~> 1.8)
      simple_oauth (~> 0.2.0)
      thread_safe (~> 0.1.3)

GEM
  remote: https://rubygems.org/
  specs:
    atomic (1.1.14)
    buftok (0.1)
    descendants_tracker (0.0.3)
    em-websocket (0.5.0)
      eventmachine (>= 0.12.9)
      http_parser.rb (~> 0.5.3)
    equalizer (0.0.7)
    eventmachine (1.0.3)
    faraday (0.8.8)
      multipart-post (~> 1.2.0)
    http (0.5.0)
      http_parser.rb
    http_parser.rb (0.5.3)
    json (1.8.1)
    multipart-post (1.2.0)
    rack (1.5.2)
    rack-protection (1.5.1)
      rack
    simple_oauth (0.2.0)
    sinatra (1.4.4)
      rack (~> 1.4)
      rack-protection (~> 1.4)
      tilt (~> 1.3, >= 1.3.4)
    thread_safe (0.1.3)
      atomic
    tilt (1.4.1)

PLATFORMS
  ruby

DEPENDENCIES
  em-websocket
  rack
  sinatra
  twitter!
